GEM
  remote: https://rubygems.org/
  specs:
    awesome_print_motion (0.1.0)
    rake (10.0.4)
    sugarcube (0.20.7)
    sweettea (0.5.6)
      rake
      sugarcube
      teacup
    teacup (1.3.3)

PLATFORMS
  ruby

DEPENDENCIES
  awesome_print_motion
  sugarcube
  sweettea
  teacup
