GEM
  remote: https://rubygems.org/
  specs:
    rake (10.0.4)
    sugarcube (0.20.7)
    sweettea (0.5.6)
      rake
      sugarcube
      teacup
    teacup (1.3.3)

PLATFORMS
  ruby

DEPENDENCIES
  sugarcube
  sweettea
  teacup
