GEM
  remote: https://rubygems.org/
  specs:
    awesome_print_motion (0.1.0)
    rake (10.0.4)
    sugarcube (0.20.21)
    sweettea (0.5.6)
      rake
      sugarcube
      teacup
    teacup (2.0.2)

PLATFORMS
  ruby

DEPENDENCIES
  awesome_print_motion
  sugarcube
  sweettea
  teacup
